PATH
  remote: .
  specs:
    danger-proselint (0.0.1)
      danger

GEM
  remote: https://rubygems.org/
  specs:
    addressable (2.4.0)
    bacon (1.2.0)
    claide (1.0.0)
    colored (1.2)
    danger (0.7.4)
      claide
      colored (~> 1.2)
      faraday
      git
      octokit (~> 4.2)
      redcarpet (~> 3.3)
      terminal-table (~> 1)
    faraday (0.9.2)
      multipart-post (>= 1.2, < 3)
    git (1.3.0)
    metaclass (0.0.4)
    mocha (1.1.0)
      metaclass (~> 0.0.1)
    mocha-on-bacon (0.2.2)
      mocha (>= 0.13.0)
    multipart-post (2.0.0)
    octokit (4.3.0)
      sawyer (~> 0.7.0, >= 0.5.3)
    prettybacon (0.0.2)
      bacon (~> 1.2)
    rake (11.1.2)
    redcarpet (3.3.4)
    sawyer (0.7.0)
      addressable (>= 2.3.5, < 2.5)
      faraday (~> 0.8, < 0.10)
    terminal-table (1.5.2)

PLATFORMS
  ruby

DEPENDENCIES
  bacon
  bundler (~> 1.3)
  danger-proselint!
  mocha
  mocha-on-bacon
  prettybacon
  rake

BUNDLED WITH
   1.12.5
